PATH
  remote: ../..
  specs:
    snabberb (1.5.1)
      opal (>= 1.1)

GEM
  remote: https://rubygems.org/
  specs:
    ast (2.4.2)
    opal (1.2.0)
      ast (>= 2.3.0)
      parser (~> 3.0)
    parser (3.0.2.0)
      ast (~> 2.4.1)
    rack (3.0.6.1)
    webrick (1.7.0)

PLATFORMS
  ruby

DEPENDENCIES
  opal
  rack
  snabberb!
  webrick

BUNDLED WITH
   2.2.3
